GEM
  remote: https://rubygems.org/
  specs:
    Ascii85 (2.0.1)
    addressable (2.8.7)
      public_suffix (>= 2.0.2, < 7.0)
    afm (0.2.2)
    ast (2.4.2)
    async (2.23.1)
      console (~> 1.29)
      fiber-annotation
      io-event (~> 1.9)
      metrics (~> 0.12)
      traces (~> 0.15)
    base64 (0.2.0)
    bigdecimal (3.1.9)
    colorator (1.1.0)
    concurrent-ruby (1.3.5)
    console (1.30.2)
      fiber-annotation
      fiber-local (~> 1.1)
      json
    csv (3.3.3)
    em-websocket (0.5.3)
      eventmachine (>= 0.12.9)
      http_parser.rb (~> 0)
    ethon (0.16.0)
      ffi (>= 1.15.0)
    eventmachine (1.2.7)
    ffi (1.17.1)
    ffi (1.17.1-aarch64-linux-gnu)
    ffi (1.17.1-aarch64-linux-musl)
    ffi (1.17.1-arm-linux-gnu)
    ffi (1.17.1-arm-linux-musl)
    ffi (1.17.1-arm64-darwin)
    ffi (1.17.1-x86-linux-gnu)
    ffi (1.17.1-x86-linux-musl)
    ffi (1.17.1-x86_64-darwin)
    ffi (1.17.1-x86_64-linux-gnu)
    ffi (1.17.1-x86_64-linux-musl)
    fiber-annotation (0.2.0)
    fiber-local (1.1.0)
      fiber-storage
    fiber-storage (1.0.0)
    forwardable-extended (2.6.0)
    google-protobuf (4.30.2)
      bigdecimal
      rake (>= 13)
    google-protobuf (4.30.2-aarch64-linux)
      bigdecimal
      rake (>= 13)
    google-protobuf (4.30.2-arm64-darwin)
      bigdecimal
      rake (>= 13)
    google-protobuf (4.30.2-x86-linux)
      bigdecimal
      rake (>= 13)
    google-protobuf (4.30.2-x86_64-darwin)
      bigdecimal
      rake (>= 13)
    google-protobuf (4.30.2-x86_64-linux)
      bigdecimal
      rake (>= 13)
    hashery (2.1.2)
    html-proofer (5.0.10)
      addressable (~> 2.3)
      async (~> 2.1)
      nokogiri (~> 1.13)
      pdf-reader (~> 2.11)
      rainbow (~> 3.0)
      typhoeus (~> 1.3)
      yell (~> 2.0)
      zeitwerk (~> 2.5)
    http_parser.rb (0.8.0)
    i18n (1.14.7)
      concurrent-ruby (~> 1.0)
    io-event (1.10.0)
    jekyll (4.4.1)
      addressable (~> 2.4)
      base64 (~> 0.2)
      colorator (~> 1.0)
      csv (~> 3.0)
      em-websocket (~> 0.5)
      i18n (~> 1.0)
      jekyll-sass-converter (>= 2.0, < 4.0)
      jekyll-watch (~> 2.0)
      json (~> 2.6)
      kramdown (~> 2.3, >= 2.3.1)
      kramdown-parser-gfm (~> 1.0)
      liquid (~> 4.0)
      mercenary (~> 0.3, >= 0.3.6)
      pathutil (~> 0.9)
      rouge (>= 3.0, < 5.0)
      safe_yaml (~> 1.0)
      terminal-table (>= 1.8, < 4.0)
      webrick (~> 1.7)
    jekyll-archives (2.3.0)
      jekyll (>= 3.6, < 5.0)
    jekyll-compose (0.12.0)
      jekyll (>= 3.7, < 5.0)
    jekyll-feed (0.17.0)
      jekyll (>= 3.7, < 5.0)
    jekyll-include-cache (0.2.1)
      jekyll (>= 3.7, < 5.0)
    jekyll-paginate (1.1.0)
    jekyll-redirect-from (0.16.0)
      jekyll (>= 3.3, < 5.0)
    jekyll-sass-converter (3.1.0)
      sass-embedded (~> 1.75)
    jekyll-seo-tag (2.8.0)
      jekyll (>= 3.8, < 5.0)
    jekyll-sitemap (1.4.0)
      jekyll (>= 3.7, < 5.0)
    jekyll-target-blank (2.0.2)
      jekyll (>= 3.0, < 5.0)
      nokogiri (~> 1.10)
    jekyll-theme-chirpy (7.2.4)
      jekyll (~> 4.3)
      jekyll-archives (~> 2.2)
      jekyll-include-cache (~> 0.2)
      jekyll-paginate (~> 1.1)
      jekyll-redirect-from (~> 0.16)
      jekyll-seo-tag (~> 2.8)
      jekyll-sitemap (~> 1.4)
    jekyll-watch (2.2.1)
      listen (~> 3.0)
    json (2.10.2)
    kramdown (2.5.1)
      rexml (>= 3.3.9)
    kramdown-parser-gfm (1.1.0)
      kramdown (~> 2.0)
    language_server-protocol (3.17.0.3)
    lint_roller (1.1.0)
    liquid (4.0.4)
    listen (3.9.0)
      rb-fsevent (~> 0.10, >= 0.10.3)
      rb-inotify (~> 0.9, >= 0.9.10)
    logger (1.6.4)
    mercenary (0.4.0)
    metrics (0.12.2)
    mini_portile2 (2.8.8)
    nokogiri (1.18.6)
      mini_portile2 (~> 2.8.2)
      racc (~> 1.4)
    nokogiri (1.18.6-aarch64-linux-gnu)
      racc (~> 1.4)
    nokogiri (1.18.6-aarch64-linux-musl)
      racc (~> 1.4)
    nokogiri (1.18.6-arm-linux-gnu)
      racc (~> 1.4)
    nokogiri (1.18.6-arm-linux-musl)
      racc (~> 1.4)
    nokogiri (1.18.6-arm64-darwin)
      racc (~> 1.4)
    nokogiri (1.18.6-x86_64-darwin)
      racc (~> 1.4)
    nokogiri (1.18.6-x86_64-linux-gnu)
      racc (~> 1.4)
    nokogiri (1.18.6-x86_64-linux-musl)
      racc (~> 1.4)
    parallel (1.26.3)
    parser (3.3.5.0)
      ast (~> 2.4.1)
      racc
    pathutil (0.16.2)
      forwardable-extended (~> 2.6)
    pdf-reader (2.14.1)
      Ascii85 (>= 1.0, < 3.0, != 2.0.0)
      afm (~> 0.2.1)
      hashery (~> 2.0)
      ruby-rc4
      ttfunk
    public_suffix (6.0.1)
    racc (1.8.1)
    rainbow (3.1.1)
    rake (13.2.1)
    rb-fsevent (0.11.2)
    rb-inotify (0.11.1)
      ffi (~> 1.0)
    regexp_parser (2.9.2)
    rexml (3.4.1)
    rouge (4.5.1)
    rubocop (1.65.1)
      json (~> 2.3)
      language_server-protocol (>= 3.17.0)
      parallel (~> 1.10)
      parser (>= 3.3.0.2)
      rainbow (>= 2.2.2, < 4.0)
      regexp_parser (>= 2.4, < 3.0)
      rexml (>= 3.2.5, < 4.0)
      rubocop-ast (>= 1.31.1, < 2.0)
      ruby-progressbar (~> 1.7)
      unicode-display_width (>= 2.4.0, < 3.0)
    rubocop-ast (1.32.3)
      parser (>= 3.3.1.0)
    rubocop-performance (1.21.1)
      rubocop (>= 1.48.1, < 2.0)
      rubocop-ast (>= 1.31.1, < 2.0)
    ruby-progressbar (1.13.0)
    ruby-rc4 (0.1.5)
    safe_yaml (1.0.5)
    sass-embedded (1.86.0)
      google-protobuf (~> 4.30)
      rake (>= 13)
    sass-embedded (1.86.0-aarch64-linux-android)
      google-protobuf (~> 4.30)
    sass-embedded (1.86.0-aarch64-linux-gnu)
      google-protobuf (~> 4.30)
    sass-embedded (1.86.0-aarch64-linux-musl)
      google-protobuf (~> 4.30)
    sass-embedded (1.86.0-arm-linux-androideabi)
      google-protobuf (~> 4.30)
    sass-embedded (1.86.0-arm-linux-gnueabihf)
      google-protobuf (~> 4.30)
    sass-embedded (1.86.0-arm-linux-musleabihf)
      google-protobuf (~> 4.30)
    sass-embedded (1.86.0-arm64-darwin)
      google-protobuf (~> 4.30)
    sass-embedded (1.86.0-x86_64-darwin)
      google-protobuf (~> 4.30)
    sass-embedded (1.86.0-x86_64-linux-android)
      google-protobuf (~> 4.30)
    sass-embedded (1.86.0-x86_64-linux-gnu)
      google-protobuf (~> 4.30)
    sass-embedded (1.86.0-x86_64-linux-musl)
      google-protobuf (~> 4.30)
    standard (1.40.0)
      language_server-protocol (~> 3.17.0.2)
      lint_roller (~> 1.0)
      rubocop (~> 1.65.0)
      standard-custom (~> 1.0.0)
      standard-performance (~> 1.4)
    standard-custom (1.0.2)
      lint_roller (~> 1.0)
      rubocop (~> 1.50)
    standard-performance (1.4.0)
      lint_roller (~> 1.1)
      rubocop-performance (~> 1.21.0)
    standardrb (1.0.1)
      standard
    terminal-table (3.0.2)
      unicode-display_width (>= 1.1.1, < 3)
    traces (0.15.2)
    ttfunk (1.8.0)
      bigdecimal (~> 3.1)
    typhoeus (1.4.1)
      ethon (>= 0.9.0)
    unicode-display_width (2.6.0)
    webrick (1.9.1)
    yell (2.2.2)
    zeitwerk (2.7.2)

PLATFORMS
  aarch64-linux
  aarch64-linux-android
  aarch64-linux-gnu
  aarch64-linux-musl
  arm-linux-androideabi
  arm-linux-gnueabihf
  arm-linux-musleabihf
  arm64-darwin
  x86-linux
  x86-linux-android
  x86-linux-gnu
  x86-linux-musl
  x86_64-darwin
  x86_64-linux
  x86_64-linux-android
  x86_64-linux-gnu
  x86_64-linux-musl

DEPENDENCIES
  html-proofer
  jekyll (~> 4.3)
  jekyll-compose
  jekyll-feed (~> 0.12)
  jekyll-target-blank (~> 2.0)
  jekyll-theme-chirpy (~> 7.2.4)
  logger
  standardrb

CHECKSUMS
  Ascii85 (2.0.1) sha256=15cb5d941808543cbb9e7e6aea3c8ec3877f154c3461e8b3673e97f7ecedbe5a
  addressable (2.8.7) sha256=462986537cf3735ab5f3c0f557f14155d778f4b43ea4f485a9deb9c8f7c58232
  afm (0.2.2) sha256=c83e698e759ab0063331ff84ca39c4673b03318f4ddcbe8e90177dd01e4c721a
  ast (2.4.2) sha256=1e280232e6a33754cde542bc5ef85520b74db2aac73ec14acef453784447cc12
  async (2.23.1) sha256=612c97346948a5dbfb6b4aef12976416b01aef48ec2d41677efb25c8c32a5006
  base64 (0.2.0) sha256=0f25e9b21a02a0cc0cea8ef92b2041035d39350946e8789c562b2d1a3da01507
  bigdecimal (3.1.9) sha256=2ffc742031521ad69c2dfc815a98e426a230a3d22aeac1995826a75dabfad8cc
  colorator (1.1.0) sha256=e2f85daf57af47d740db2a32191d1bdfb0f6503a0dfbc8327d0c9154d5ddfc38
  concurrent-ruby (1.3.5) sha256=813b3e37aca6df2a21a3b9f1d497f8cbab24a2b94cab325bffe65ee0f6cbebc6
  console (1.30.2) sha256=e61c7a01ab9eb5cc04f91e7322258ccf362e2c3915d36ee2e63b05f228bef66d
  csv (3.3.3) sha256=7e2966befb7bdaf7d5e9b36e1de73e6a5e7a72f584f180a1726aec88a1b0a900
  em-websocket (0.5.3) sha256=f56a92bde4e6cb879256d58ee31f124181f68f8887bd14d53d5d9a292758c6a8
  ethon (0.16.0) sha256=bba0da1cea8ac3e1f5cdd7cb1cb5fc78d7ac562c33736f18f0c3eb2b63053d9e
  eventmachine (1.2.7) sha256=994016e42aa041477ba9cff45cbe50de2047f25dd418eba003e84f0d16560972
  ffi (1.17.1) sha256=26f6b0dbd1101e6ffc09d3ca640b2a21840cc52731ad8a7ded9fb89e5fb0fc39
  ffi (1.17.1-aarch64-linux-gnu) sha256=c5d22cb545a3a691d46060f1343c461d1a8d38c3fd71b96b4cbbe6906bf1fd38
  ffi (1.17.1-aarch64-linux-musl) sha256=88b9d6ae905d21142df27c94bb300042c1aae41b67291885f600eaad16326b1d
  ffi (1.17.1-arm-linux-gnu) sha256=fe14f5ece94082f3b0e651a09008113281f2764e7ea95f522b64e2fe32e11504
  ffi (1.17.1-arm-linux-musl) sha256=df14927ca7bd9095148a7d1938bb762bbf189d190cf25d9547395ec7acc198a0
  ffi (1.17.1-arm64-darwin) sha256=a8e04f79d375742c54ee7f9fff4b4022b87200a4ec0eb082128d3b6559e67b4d
  ffi (1.17.1-x86-linux-gnu) sha256=01411c78cb3cff3c88cf67b2a7b24534e9b1638253d88581fef44c2083f6a174
  ffi (1.17.1-x86-linux-musl) sha256=02bcc7bbcff71e021ef05f43469f7c5074ab3422e415b287001bd890c9cbb1c6
  ffi (1.17.1-x86_64-darwin) sha256=0036199c290462dd7f03bc22933644c1685b7834a21788062bd5df48c72aa7a6
  ffi (1.17.1-x86_64-linux-gnu) sha256=8c0ade2a5d19f3672bccfe3b58e016ae5f159e3e2e741c856db87fcf07c903d0
  ffi (1.17.1-x86_64-linux-musl) sha256=3a343086820c96d6fbea4a5ef807fb69105b2b8174678f103b3db210c3f78401
  fiber-annotation (0.2.0) sha256=7abfadf1d119f508867d4103bf231c0354d019cc39a5738945dec2edadaf6c03
  fiber-local (1.1.0) sha256=c885f94f210fb9b05737de65d511136ea602e00c5105953748aa0f8793489f06
  fiber-storage (1.0.0) sha256=b80a323f1e0b95e79b11c1d4df7f654dbe517c11a344c90f2a43dec67ba5ab7f
  forwardable-extended (2.6.0) sha256=1bec948c469bbddfadeb3bd90eb8c85f6e627a412a3e852acfd7eaedbac3ec97
  google-protobuf (4.30.2) sha256=0f35168dbeeccf13d928acf6c128cfec17b9a826ae4505246a02c115f4ae16ed
  google-protobuf (4.30.2-aarch64-linux) sha256=a99d2f31bc2bebf4994b7cd2dd4c1d3ef28a0acc8f1b37be236982f7dc21bd8d
  google-protobuf (4.30.2-arm64-darwin) sha256=c66a93ceef100fb2390615e76310491cc6e1944f7b9cda2cf1e3279887f817d1
  google-protobuf (4.30.2-x86-linux) sha256=8b56a7a1465ffdcfa86bd3067e6b4db7a96dc10f6697ccf3e09d2443398278e9
  google-protobuf (4.30.2-x86_64-darwin) sha256=17f4567dff431f8dd5be5ff6395824ec044413f67d2803a9941ebc8c70dec604
  google-protobuf (4.30.2-x86_64-linux) sha256=c96993d98732ea185d98279f6c76e130eb9595437dda39610b3398c9e348518e
  hashery (2.1.2) sha256=d239cc2310401903f6b79d458c2bbef5bf74c46f3f974ae9c1061fb74a404862
  html-proofer (5.0.10) sha256=f1b9b3f5322d5b79a3f4c24b9f08bc425f06b8211bc6d41d8b55f2ee3aebee32
  http_parser.rb (0.8.0) sha256=5a0932f1fa82ce08a8516a2685d5a86031c000560f89946913c555a0697544be
  i18n (1.14.7) sha256=ceba573f8138ff2c0915427f1fc5bdf4aa3ab8ae88c8ce255eb3ecf0a11a5d0f
  io-event (1.10.0) sha256=e4e1f5bf01a1a8b8484db3c5d99b431eb3609dbc988b96622d14d77993e0e9dc
  jekyll (4.4.1) sha256=4c1144d857a5b2b80d45b8cf5138289579a9f8136aadfa6dd684b31fe2bc18c1
  jekyll-archives (2.3.0) sha256=2dbd8ce22212fbace81fe2c9aa4152a6e21c748bcc626f135af5acfd813375f6
  jekyll-compose (0.12.0) sha256=0478638a921c5795b1e5b1ffdc769f3c405682e239b1de0117bde60af4edc8db
  jekyll-feed (0.17.0) sha256=689aab16c877949bb9e7a5c436de6278318a51ecb974792232fd94d8b3acfcc3
  jekyll-include-cache (0.2.1) sha256=c7d4b9e551732a27442cb2ce853ba36a2f69c66603694b8c1184c99ab1a1a205
  jekyll-paginate (1.1.0) sha256=880aadf4b02529a93541d508c5cbb744f014cbfc071d0263a31f25ec9066eb64
  jekyll-redirect-from (0.16.0) sha256=6635cae569ef9b0f90ffb71ec014ba977177fafb44d32a2b0526288d4d9be6db
  jekyll-sass-converter (3.1.0) sha256=83925d84f1d134410c11d0c6643b0093e82e3a3cf127e90757a85294a3862443
  jekyll-seo-tag (2.8.0) sha256=3f2ed1916d56f14ebfa38e24acde9b7c946df70cb183af2cb5f0598f21ae6818
  jekyll-sitemap (1.4.0) sha256=0de08c5debc185ea5a8f980e1025c7cd3f8e0c35c8b6ef592f15c46235cf4218
  jekyll-target-blank (2.0.2) sha256=db988ba0b1a12b9841a864e77939ffecc27fbdce28916cec631ea047e6b91f94
  jekyll-theme-chirpy (7.2.4) sha256=3272c6bd29a5e09ae3b4249765999dfb7d0f6ffb8fd55f3e4ae6f71b6d595892
  jekyll-watch (2.2.1) sha256=bc44ed43f5e0a552836245a54dbff3ea7421ecc2856707e8a1ee203a8387a7e1
  json (2.10.2) sha256=34e0eada93022b2a0a3345bb0b5efddb6e9ff5be7c48e409cfb54ff8a36a8b06
  kramdown (2.5.1) sha256=87bbb6abd9d3cebe4fc1f33e367c392b4500e6f8fa19dd61c0972cf4afe7368c
  kramdown-parser-gfm (1.1.0) sha256=fb39745516427d2988543bf01fc4cf0ab1149476382393e0e9c48592f6581729
  language_server-protocol (3.17.0.3) sha256=3d5c58c02f44a20d972957a9febe386d7e7468ab3900ce6bd2b563dd910c6b3f
  lint_roller (1.1.0) sha256=2c0c845b632a7d172cb849cc90c1bce937a28c5c8ccccb50dfd46a485003cc87
  liquid (4.0.4) sha256=4fcfebb1a045e47918388dbb7a0925e7c3893e58d2bd6c3b3c73ec17a2d8fdb3
  listen (3.9.0) sha256=db9e4424e0e5834480385197c139cb6b0ae0ef28cc13310cfd1ca78377d59c67
  logger (1.6.4) sha256=b627b91c922231050932e7bf8ee886fe54790ba2238a468ead52ba21911f2ee7
  mercenary (0.4.0) sha256=b25a1e4a59adca88665e08e24acf0af30da5b5d859f7d8f38fba52c28f405138
  metrics (0.12.2) sha256=75caab08235dc2b3bb7440e00f64e8426b23b9caa94755d81cf9371fffa1e12a
  mini_portile2 (2.8.8) sha256=8e47136cdac04ce81750bb6c09733b37895bf06962554e4b4056d78168d70a75
  nokogiri (1.18.6) sha256=4d283431d7829719ea1287ca388f24c6ce343af736bbcbd1365cbdb83bce41a4
  nokogiri (1.18.6-aarch64-linux-gnu) sha256=1b11f9a814068282cc2b47ebe61395b2a69d1918092d2ca3bd664074f72540e9
  nokogiri (1.18.6-aarch64-linux-musl) sha256=797662f201c37a8feac3bd5b0c0e3447053bc71e6633d273fefd4c68b03e6a54
  nokogiri (1.18.6-arm-linux-gnu) sha256=2da07a07ef4c9d9e9da809b3dc0937ed90b031e32c2c658d9918941b85d68b95
  nokogiri (1.18.6-arm-linux-musl) sha256=e8ae1c9a4d8cfa7a92d632a6f596a88235ebe66d4b70418543378ba16c601f70
  nokogiri (1.18.6-arm64-darwin) sha256=727a441d179d934b4b7c73e0e28e6723ee46463d96bb0cc6e2e33a13540962c4
  nokogiri (1.18.6-x86_64-darwin) sha256=fb72568c97ccd90a8d68cb765b0ff0720b109bd62e3babbf372e854ef8fef995
  nokogiri (1.18.6-x86_64-linux-gnu) sha256=df065db6ba6e1e80f76ef04f860fcf260cc24685125fe33cdc3d1572a1c66b71
  nokogiri (1.18.6-x86_64-linux-musl) sha256=75ec7a93cec54687aa63b2eaf830dc4ac5b4f3d8c969f20c035e67c9e6a30cef
  parallel (1.26.3) sha256=d86babb7a2b814be9f4b81587bf0b6ce2da7d45969fab24d8ae4bf2bb4d4c7ef
  parser (3.3.5.0) sha256=f30ebb71b7830c2e7cdc4b2b0e0ec2234900e3fca3fe2fba47f78be759181ab3
  pathutil (0.16.2) sha256=e43b74365631cab4f6d5e4228f812927efc9cb2c71e62976edcb252ee948d589
  pdf-reader (2.14.1) sha256=b45a4521c249a394ad7ad9e691bfd46d4d00998cfc4f019e4525afb4963b411b
  public_suffix (6.0.1) sha256=61d44e1cab5cbbbe5b31068481cf16976dd0dc1b6b07bd95617ef8c5e3e00c6f
  racc (1.8.1) sha256=4a7f6929691dbec8b5209a0b373bc2614882b55fc5d2e447a21aaa691303d62f
  rainbow (3.1.1) sha256=039491aa3a89f42efa1d6dec2fc4e62ede96eb6acd95e52f1ad581182b79bc6a
  rake (13.2.1) sha256=46cb38dae65d7d74b6020a4ac9d48afed8eb8149c040eccf0523bec91907059d
  rb-fsevent (0.11.2) sha256=43900b972e7301d6570f64b850a5aa67833ee7d87b458ee92805d56b7318aefe
  rb-inotify (0.11.1) sha256=a0a700441239b0ff18eb65e3866236cd78613d6b9f78fea1f9ac47a85e47be6e
  regexp_parser (2.9.2) sha256=5a27e767ad634f8a4b544520d5cd28a0db7aa1198a5d7c9d7e11d7b3d9066446
  rexml (3.4.1) sha256=c74527a9a0a04b4ec31dbe0dc4ed6004b960af943d8db42e539edde3a871abca
  rouge (4.5.1) sha256=2ac81c6dee7019bbc6600d4c2d641d730d65c165941400ebd924259067e690dd
  rubocop (1.65.1) sha256=3a239b71fcfdeb32c654f4b48c2e6aeb4f77b128e348fa9442184f207e70718d
  rubocop-ast (1.32.3) sha256=40201e861c73a3c2d59428c7627828ef81fb2f8a306bc4a1c1801452afe3fe0f
  rubocop-performance (1.21.1) sha256=5cf20002a544275ad6aa99abca4b945d2a2ed71be925c38fe83700360ed8734e
  ruby-progressbar (1.13.0) sha256=80fc9c47a9b640d6834e0dc7b3c94c9df37f08cb072b7761e4a71e22cff29b33
  ruby-rc4 (0.1.5) sha256=00cc40a39d20b53f5459e7ea006a92cf584e9bc275e2a6f7aa1515510e896c03
  safe_yaml (1.0.5) sha256=a6ac2d64b7eb027bdeeca1851fe7e7af0d668e133e8a88066a0c6f7087d9f848
  sass-embedded (1.86.0) sha256=c001646c6d996e38ec5a85d6f4f86472f4afa937a9490180f8552ace6e51f5db
  sass-embedded (1.86.0-aarch64-linux-android) sha256=572859ad6e3ff0586d7e01aeda153ed9d231d6fed6ab62960a1143fe413a37a4
  sass-embedded (1.86.0-aarch64-linux-gnu) sha256=c1abea07ff390ae484f25d4fb1de082ae2b880b7bb23f05b3749740e12fc8e65
  sass-embedded (1.86.0-aarch64-linux-musl) sha256=ef6daaf5e4f91361df1cd6f6a4948e4056329cde741fb6484196b2a920d45432
  sass-embedded (1.86.0-arm-linux-androideabi) sha256=4e5f6ed57ed6d926305cd5c1cd97b5036b396a9f9611da76504ee930fac23173
  sass-embedded (1.86.0-arm-linux-gnueabihf) sha256=78daca6a5a65d3b790561c0c549dfd67f8446c8e29d2f413cebc8b119c416dae
  sass-embedded (1.86.0-arm-linux-musleabihf) sha256=1e80397f5bd9a509f4e9c0540b3b0a54b100520793a39568ae226c812516ee19
  sass-embedded (1.86.0-arm64-darwin) sha256=3d0911a600a3521c4c70b2fe902a2ea652853588488445d9af7a1cda8ed5d8b5
  sass-embedded (1.86.0-x86_64-darwin) sha256=145d0c6011ca1d2ce2336c4baa6fb090e2d90cb1049fbb182591b28a56575311
  sass-embedded (1.86.0-x86_64-linux-android) sha256=4a9c304822199c665edae68d55e2da1176106a6a1a0bcddd702b38551a7fdeae
  sass-embedded (1.86.0-x86_64-linux-gnu) sha256=f93dcd93e92d473d137757958729f903fc17ffb5e444b4a42908777ad97a8ffb
  sass-embedded (1.86.0-x86_64-linux-musl) sha256=a9dcc9c4484b123b5154157dfa59e548747a77f3f38d91e6dea29f95197df294
  standard (1.40.0) sha256=56b47ad8b9a1073f092636a101cfe80e695e9b558bf557b02b4e7731040d1f72
  standard-custom (1.0.2) sha256=424adc84179a074f1a2a309bb9cf7cd6bfdb2b6541f20c6bf9436c0ba22a652b
  standard-performance (1.4.0) sha256=de9f72b65964826cd55db59e51916d969b19ca2c62b12727cbc763cf256fa194
  standardrb (1.0.1) sha256=7a1328be429f4e97a97e357e2446f3509e80164a59ff00bc6a4daa78e3351f2c
  terminal-table (3.0.2) sha256=f951b6af5f3e00203fb290a669e0a85c5dd5b051b3b023392ccfd67ba5abae91
  traces (0.15.2) sha256=d2547834b7248bb8c8f4f6532c6b9ba80ef8e2d6068ce16e7873575d7b802d81
  ttfunk (1.8.0) sha256=a7cbc7e489cc46e979dde04d34b5b9e4f5c8f1ee5fc6b1a7be39b829919d20ca
  typhoeus (1.4.1) sha256=1c17db8364bd45ab302dc61e460173c3e69835896be88a3df07c206d5c55ef7c
  unicode-display_width (2.6.0) sha256=12279874bba6d5e4d2728cef814b19197dbb10d7a7837a869bab65da943b7f5a
  webrick (1.9.1) sha256=b42d3c94f166f3fb73d87e9b359def9b5836c426fc8beacf38f2184a21b2a989
  yell (2.2.2) sha256=1d166f3cc3b6dc49a59778ea7156ed6d8de794c15106d48ffd6cbb061b9b26bc
  zeitwerk (2.7.2) sha256=842e067cb11eb923d747249badfb5fcdc9652d6f20a1f06453317920fdcd4673

BUNDLED WITH
   2.6.6
